GEM
  remote: https://rubygems.org/
  specs:
    coderay (1.1.3)
    date (3.0.0)
    httparty (0.20.0)
      mime-types (~> 3.0)
      multi_xml (>= 0.5.2)
    method_source (1.0.0)
    mime-types (3.3.1)
      mime-types-data (~> 3.2015)
    mime-types-data (3.2021.0901)
    mini_portile2 (2.6.1)
    multi_xml (0.6.0)
    nokogiri (1.12.5)
      mini_portile2 (~> 2.6.1)
      racc (~> 1.4)
    open-uri (0.2.0)
      stringio
      time
      uri
    pry (0.14.1)
      coderay (~> 1.1)
      method_source (~> 1.0)
    pry-rails (0.3.9)
      pry (>= 0.10.4)
    racc (1.6.0)
    stringio (0.1.0)
    time (0.2.0)
      date
    uri (0.10.0)

PLATFORMS
  ruby

DEPENDENCIES
  httparty
  nokogiri
  open-uri
  pry-rails

BUNDLED WITH
   2.1.4
